GIT
  remote: git://github.com/vanpattenmedia/vpmframe-gem.git
  revision: 9e034571ec3c1a48bc9c21cd7b8d942e38e5a277
  specs:
    vpmframe (0.10.0)

GEM
  remote: https://www.rubygems.org/
  specs:
    breakpoint (2.7.0)
      sass (~> 3.3)
      sassy-maps (< 1.0.0)
    capistrano (2.13.5)
      highline
      net-scp (>= 1.0.0)
      net-sftp (>= 2.0.0)
      net-ssh (>= 2.0.14)
      net-ssh-gateway (>= 1.1.0)
    chunky_png (1.3.5)
    compass (1.0.3)
      chunky_png (~> 1.2)
      compass-core (~> 1.0.2)
      compass-import-once (~> 1.0.5)
      rb-fsevent (>= 0.9.3)
      rb-inotify (>= 0.9)
      sass (>= 3.3.13, < 3.5)
    compass-core (1.0.3)
      multi_json (~> 1.0)
      sass (>= 3.3.0, < 3.5)
    compass-import-once (1.0.5)
      sass (>= 3.2, < 3.5)
    compass-normalize (1.5)
      compass (>= 0.12.0)
    compass-rgbapng (0.2.1)
      chunky_png (>= 0.8.0)
      compass (>= 0.10.0)
    ffi (1.9.10)
    highline (1.7.8)
    multi_json (1.11.2)
    net-scp (1.2.1)
      net-ssh (>= 2.6.5)
    net-sftp (2.1.2)
      net-ssh (>= 2.6.5)
    net-ssh (3.0.2)
    net-ssh-gateway (1.2.0)
      net-ssh (>= 2.6.5)
    oily_png (1.2.0)
      chunky_png (~> 1.3.1)
    rb-fsevent (0.9.7)
    rb-inotify (0.9.7)
      ffi (>= 0.5.0)
    sass (3.4.21)
    sass-globbing (1.1.5)
      sass (>= 3.1)
    sassy-maps (0.4.0)
      sass (~> 3.3)

PLATFORMS
  ruby

DEPENDENCIES
  breakpoint
  capistrano (~> 2.13.5)
  compass (>= 1.0.3)
  compass-normalize
  compass-rgbapng
  oily_png
  sass (>= 3.4.0)
  sass-globbing
  vpmframe!

BUNDLED WITH
   1.11.2
