GIT
  remote: git://github.com/vanpattenmedia/vpmframe-gem.git
  revision: c37de416a3f0976c24fc28e164f09bb93419bd75
  specs:
    vpmframe (0.8.0)

GEM
  remote: https://www.rubygems.org/
  specs:
    capistrano (2.13.5)
      highline
      net-scp (>= 1.0.0)
      net-sftp (>= 2.0.0)
      net-ssh (>= 2.0.14)
      net-ssh-gateway (>= 1.1.0)
    chunky_png (1.3.1)
    compass (0.12.7)
      chunky_png (~> 1.2)
      fssm (>= 0.2.7)
      sass (~> 3.2.19)
    compass-rgbapng (0.2.1)
      chunky_png (>= 0.8.0)
      compass (>= 0.10.0)
    fssm (0.2.10)
    highline (1.6.21)
    net-scp (1.2.1)
      net-ssh (>= 2.6.5)
    net-sftp (2.1.2)
      net-ssh (>= 2.6.5)
    net-ssh (2.9.1)
    net-ssh-gateway (1.2.0)
      net-ssh (>= 2.6.5)
    oily_png (1.1.1)
      chunky_png (~> 1.3.0)
    sass (3.2.19)
    sass-globbing (1.1.1)
      sass (>= 3.1)

PLATFORMS
  ruby

DEPENDENCIES
  capistrano (~> 2.13.5)
  compass
  compass-rgbapng
  oily_png
  sass (>= 3.2.0)
  sass-globbing
  vpmframe!
